PATH
  remote: .
  specs:
    typhoid (0.0.2)
      typhoeus (~> 0.4)

GEM
  remote: https://rubygems.org/
  specs:
    diff-lcs (1.1.3)
    ethon (0.5.12)
      ffi (>= 1.3.0)
      mime-types (~> 1.18)
    ffi (1.8.1)
    json_pure (1.7.3)
    mime-types (1.23)
    rake (0.9.2.2)
    rspec (2.10.0)
      rspec-core (~> 2.10.0)
      rspec-expectations (~> 2.10.0)
      rspec-mocks (~> 2.10.0)
    rspec-core (2.10.1)
    rspec-expectations (2.10.0)
      diff-lcs (~> 1.1.3)
    rspec-mocks (2.10.1)
    typhoeus (0.6.3)
      ethon (~> 0.5.11)

PLATFORMS
  ruby

DEPENDENCIES
  json_pure (>= 1.4.1)
  rake
  rspec
  typhoid!
